GIT
  remote: https://github.com/bnagy/crabstone
  revision: e3e0a552fcc8d45b7d2e5840456a0d6826271353
  specs:
    crabstone (3.0.3)
      ffi

GIT
  remote: https://github.com/david942j/dentaku
  revision: 47bee012ea049d05767993cb8366986125e46ed1
  specs:
    dentaku (2.0.10)

PATH
  remote: .
  specs:
    pwntools (0.1.0)
      keystone (~> 0.9.0)
      rainbow (~> 2.2)

GEM
  remote: https://www.rubygems.org/
  specs:
    ast (2.3.0)
    codeclimate-test-reporter (0.6.0)
      simplecov (>= 0.7.1, < 1.0.0)
    coderay (1.1.1)
    docile (1.1.5)
    ffi (1.9.18)
    json (2.0.2)
    keystone (0.9.0)
    method_source (0.8.2)
    minitest (5.10.1)
    parser (2.4.0.0)
      ast (~> 2.2)
    powerpack (0.1.1)
    pry (0.10.4)
      coderay (~> 1.1.0)
      method_source (~> 0.8.1)
      slop (~> 3.4)
    rainbow (2.2.1)
    rake (12.0.0)
    rubocop (0.47.1)
      parser (>= 2.3.3.1, < 3.0)
      powerpack (~> 0.1)
      rainbow (>= 1.99.1, < 3.0)
      ruby-progressbar (~> 1.7)
      unicode-display_width (~> 1.0, >= 1.0.1)
    ruby-progressbar (1.8.1)
    simplecov (0.12.0)
      docile (~> 1.1.0)
      json (>= 1.8, < 3)
      simplecov-html (~> 0.10.0)
    simplecov-html (0.10.0)
    slop (3.6.0)
    tty-platform (0.1.0)
    unicode-display_width (1.1.3)
    yard (0.9.7)

PLATFORMS
  ruby

DEPENDENCIES
  codeclimate-test-reporter (~> 0.6)
  crabstone!
  dentaku!
  minitest (~> 5.8)
  pry (~> 0.10)
  pwntools!
  rake (~> 12.0)
  rubocop (~> 0.47)
  simplecov (~> 0.12)
  tty-platform (~> 0.1)
  yard (~> 0.9)

BUNDLED WITH
   1.14.4
