PATH
  remote: .
  specs:
    pwntools (1.2.0)
      crabstone (~> 4)
      dentaku (>= 2.0.11, < 3.5.0)
      elftools (>= 1.0.1, < 1.2.0)
      keystone-engine (~> 0.9)
      method_source (>= 0.9)
      one_gadget (>= 1.6.2, < 1.8.0)
      rainbow (>= 2.2, < 4.0)
      ruby2ruby (~> 2.4)
      rubyserial (~> 0.5)

GEM
  remote: https://www.rubygems.org/
  specs:
    ast (2.4.0)
    bindata (2.4.8)
    coderay (1.1.3)
    crabstone (4.0.2)
      ffi
    dentaku (3.4.1)
    docile (1.3.2)
    elftools (1.1.3)
      bindata (~> 2)
    ffi (1.13.1)
    jaro_winkler (1.5.4)
    json (2.3.0)
    keystone-engine (0.9.0)
      ffi (~> 1.9)
    method_source (1.0.0)
    minitest (5.10.1)
    one_gadget (1.7.3)
      elftools (>= 1.0.2, < 1.2.0)
    parallel (1.19.1)
    parser (2.7.0.5)
      ast (~> 2.4.0)
    pry (0.13.1)
      coderay (~> 1.1)
      method_source (~> 1.0)
    rainbow (3.0.0)
    rake (13.0.3)
    rexml (3.2.4)
    rubocop (0.81.0)
      jaro_winkler (~> 1.5.1)
      parallel (~> 1.10)
      parser (>= 2.7.0.1)
      rainbow (>= 2.2.2, < 4.0)
      rexml
      ruby-progressbar (~> 1.7)
      unicode-display_width (>= 1.4.0, < 2.0)
    ruby-progressbar (1.10.1)
    ruby2ruby (2.4.4)
      ruby_parser (~> 3.1)
      sexp_processor (~> 4.6)
    ruby_parser (3.15.0)
      sexp_processor (~> 4.9)
    rubyserial (0.6.0)
      ffi (~> 1.9, >= 1.9.3)
    sexp_processor (4.15.1)
    simplecov (0.17.1)
      docile (~> 1.1)
      json (>= 1.8, < 3)
      simplecov-html (~> 0.10.0)
    simplecov-html (0.10.2)
    tty-platform (0.3.0)
    unicode-display_width (1.7.0)
    yard (0.9.25)

PLATFORMS
  ruby

DEPENDENCIES
  minitest (= 5.10.1)
  pry (~> 0.10)
  pwntools!
  rake (~> 13.0)
  rubocop (~> 0.63)
  simplecov (~> 0.15)
  tty-platform (~> 0.1)
  yard (~> 0.9)

BUNDLED WITH
   2.1.4
