PATH
  remote: .
  specs:
    pwntools (0.1.0)

GEM
  remote: https://www.rubygems.org/
  specs:
    ast (2.3.0)
    codeclimate-test-reporter (1.0.4)
      simplecov
    coderay (1.1.1)
    docile (1.1.5)
    json (2.0.2)
    method_source (0.8.2)
    minitest (5.10.1)
    os (0.9.6)
    parser (2.3.3.1)
      ast (~> 2.2)
    powerpack (0.1.1)
    pry (0.10.4)
      coderay (~> 1.1.0)
      method_source (~> 0.8.1)
      slop (~> 3.4)
    rainbow (2.2.1)
    rake (12.0.0)
    rubocop (0.46.0)
      parser (>= 2.3.1.1, < 3.0)
      powerpack (~> 0.1)
      rainbow (>= 1.99.1, < 3.0)
      ruby-progressbar (~> 1.7)
      unicode-display_width (~> 1.0, >= 1.0.1)
    ruby-progressbar (1.8.1)
    simplecov (0.12.0)
      docile (~> 1.1.0)
      json (>= 1.8, < 3)
      simplecov-html (~> 0.10.0)
    simplecov-html (0.10.0)
    slop (3.6.0)
    unicode-display_width (1.1.2)

PLATFORMS
  ruby

DEPENDENCIES
  codeclimate-test-reporter (~> 1.0)
  minitest (~> 5.8)
  os (~> 0.9)
  pry (~> 0.10)
  pwntools!
  rainbow (~> 2.2)
  rake (~> 12.0)
  rubocop (~> 0.46)

BUNDLED WITH
   1.13.7
