PATH
  remote: .
  specs:
    pwntools (1.0.1)
      crabstone (~> 3)
      dentaku (>= 2.0.11, < 3.1.0)
      elftools (~> 1.0.1)
      keystone-engine (~> 0.9)
      rainbow (~> 2.2)

GEM
  remote: https://www.rubygems.org/
  specs:
    ast (2.3.0)
    bindata (2.4.1)
    codeclimate-test-reporter (0.6.0)
      simplecov (>= 0.7.1, < 1.0.0)
    coderay (1.1.2)
    crabstone (3.0.3)
      ffi
    dentaku (3.0.0)
    docile (1.1.5)
    elftools (1.0.1)
      bindata (~> 2)
    ffi (1.9.18)
    json (2.1.0)
    keystone-engine (0.9.0)
      ffi (~> 1.9)
    method_source (0.9.0)
    minitest (5.10.1)
    parallel (1.11.2)
    parser (2.4.0.0)
      ast (~> 2.2)
    powerpack (0.1.1)
    pry (0.11.3)
      coderay (~> 1.1.0)
      method_source (~> 0.9.0)
    rainbow (2.2.2)
      rake
    rake (12.3.0)
    rubocop (0.49.1)
      parallel (~> 1.10)
      parser (>= 2.3.3.1, < 3.0)
      powerpack (~> 0.1)
      rainbow (>= 1.99.1, < 3.0)
      ruby-progressbar (~> 1.7)
      unicode-display_width (~> 1.0, >= 1.0.1)
    ruby-progressbar (1.8.1)
    simplecov (0.15.1)
      docile (~> 1.1.0)
      json (>= 1.8, < 3)
      simplecov-html (~> 0.10.0)
    simplecov-html (0.10.2)
    tty-platform (0.1.0)
    unicode-display_width (1.3.0)
    yard (0.9.12)

PLATFORMS
  ruby

DEPENDENCIES
  codeclimate-test-reporter (~> 0.6)
  minitest (= 5.10.1)
  pry (~> 0.10)
  pwntools!
  rake (~> 12.1)
  rubocop (~> 0.49)
  simplecov (~> 0.15)
  tty-platform (~> 0.1)
  yard (~> 0.9)

BUNDLED WITH
   1.15.1
